PATH
  remote: .
  specs:
    attr_comparable (0.0.1)
      minitest

GEM
  remote: https://rubygems.org/
  specs:
    minitest (5.0.6)
    rake (10.1.0)

PLATFORMS
  ruby

DEPENDENCIES
  attr_comparable!
  rake (>= 0.9)
