PATH
  remote: .
  specs:
    attr_comparable (0.1.0)

GEM
  remote: https://rubygems.org/
  specs:
    minitest (5.0.6)
    rake (10.1.0)

PLATFORMS
  ruby

DEPENDENCIES
  attr_comparable!
  minitest
  rake (>= 0.9)

BUNDLED WITH
   1.16.1
