PATH
  remote: .
  specs:
    attr_comparable (0.1.0)

GEM
  remote: https://rubygems.org/
  specs:
    ansi (1.5.0)
    builder (3.2.3)
    minitest (5.13.0)
    minitest-reporters (1.4.2)
      ansi
      builder
      minitest (>= 5.0)
      ruby-progressbar
    rake (13.0.1)
    ruby-progressbar (1.10.1)

PLATFORMS
  ruby

DEPENDENCIES
  attr_comparable!
  minitest
  minitest-reporters
  rake (>= 0.9)

BUNDLED WITH
   1.17.2
