PATH
  remote: .
  specs:
    attr_comparable (0.2.0)

GEM
  remote: https://rubygems.org/
  specs:
    ansi (1.5.0)
    appraisal (2.5.0)
      bundler
      rake
      thor (>= 0.14.0)
    builder (3.2.3)
    minitest (5.15.0)
    minitest-reporters (1.4.2)
      ansi
      builder
      minitest (>= 5.0)
      ruby-progressbar
    mutex_m (0.3.0)
    rake (13.0.1)
    ruby-progressbar (1.10.1)
    thor (1.3.2)

PLATFORMS
  ruby

DEPENDENCIES
  appraisal
  attr_comparable!
  minitest
  minitest-reporters
  mutex_m
  rake

BUNDLED WITH
   2.3.22
