PATH
  remote: .
  specs:
    attr_comparable (0.0.1)
      activesupport (= 3.2.13)
      minitest

GEM
  remote: https://rubygems.org/
  specs:
    activesupport (3.2.13)
      i18n (= 0.6.1)
      multi_json (~> 1.0)
    i18n (0.6.1)
    minitest (5.0.6)
    multi_json (1.7.8)
    rake (10.1.0)

PLATFORMS
  ruby

DEPENDENCIES
  attr_comparable!
  rake (>= 0.9)
